PATH
  remote: .
  specs:
    Recipes (0.0.0)
      activesupport (= 3.2.12)
      factory_girl (~> 4.2.0)

GEM
  remote: http://rubygems.org/
  specs:
    activesupport (3.2.12)
      i18n (~> 0.6)
      multi_json (~> 1.0)
    diff-lcs (1.2.4)
    factory_girl (4.2.0)
      activesupport (>= 3.0.0)
    i18n (0.6.4)
    multi_json (1.7.4)
    rspec (2.13.0)
      rspec-core (~> 2.13.0)
      rspec-expectations (~> 2.13.0)
      rspec-mocks (~> 2.13.0)
    rspec-core (2.13.1)
    rspec-expectations (2.13.0)
      diff-lcs (>= 1.1.3, < 2.0)
    rspec-mocks (2.13.1)
    sqlite3 (1.3.7)

PLATFORMS
  ruby

DEPENDENCIES
  Recipes!
  rspec (~> 2.13.0)
  sqlite3
